ObjectType = Image
NDims = 3
BinaryData = True
BinaryDataByteOrderMSB = False
CompressedData = False
TransformMatrix = 1 0 0 0 1 0 0 0 1
Offset = -170.6875 -309.6875 716.70000000000005
CenterOfRotation = 0 0 0
AnatomicalOrientation = RAI
ElementSpacing = 0.625 0.625 1.7999999523162842
DimSize = 512 512 157
ElementType = MET_SHORT
ElementDataFile = 1.3.6.1.4.1.14519.5.2.1.6279.6001.100398138793540579077826395208.raw
